GEM
  remote: https://rubygems.org/
  specs:
    rake (0.8.7)
    rspec (1.3.2)

PLATFORMS
  ruby

DEPENDENCIES
  rake (< 0.9)
  rspec (>= 1.2.8)
